GEM
  remote: https://rubygems.org/
  specs:
    byebug (11.1.3)
    google-protobuf (3.22.0-x86_64-linux)
    googleapis-common-protos-types (1.5.0)
      google-protobuf (~> 3.14)
    grpc (1.52.0-x86_64-linux)
      google-protobuf (~> 3.21)
      googleapis-common-protos-types (~> 1.0)
    grpc-tools (1.52.0)

PLATFORMS
  x86_64-linux

DEPENDENCIES
  byebug (~> 11.1, >= 11.1.3)
  grpc (~> 1.52)
  grpc-tools (~> 1.52)

BUNDLED WITH
   2.2.22
